PATH
  remote: .
  specs:
    sked (0.0.1)
      byebug (~> 3.3.0)
      hashie (~> 3.3.1)
      heroku (~> 3.10.3)
      puma (~> 2.9.0)
      redis (~> 3.1)
      sidekiq (~> 3.2.2)
      sinatra (~> 1.4.5)
      thor (~> 0.19.1)

GEM
  remote: https://rubygems.org/
  specs:
    addressable (2.3.6)
    byebug (3.3.0)
      columnize (~> 0.8)
      debugger-linecache (~> 1.2)
      slop (~> 3.6)
    celluloid (0.15.2)
      timers (~> 1.1.0)
    columnize (0.8.9)
    connection_pool (2.0.0)
    debugger-linecache (1.2.0)
    diff-lcs (1.2.5)
    dotenv (0.11.1)
      dotenv-deployment (~> 0.0.2)
    dotenv-deployment (0.0.2)
    excon (0.39.5)
    foreman (0.75.0)
      dotenv (~> 0.11.1)
      thor (~> 0.19.1)
    hashie (3.3.1)
    heroku (3.10.3)
      heroku-api (~> 0.3.19)
      launchy (>= 0.3.2)
      netrc (~> 0.7.7)
      rest-client (= 1.6.7)
      rubyzip (= 0.9.9)
    heroku-api (0.3.19)
      excon (~> 0.38)
      multi_json (~> 1.8)
    json (1.8.1)
    launchy (2.4.2)
      addressable (~> 2.3)
    mime-types (1.25.1)
    multi_json (1.10.1)
    netrc (0.7.7)
    puma (2.9.0)
      rack (>= 1.1, < 2.0)
    rack (1.5.2)
    rack-protection (1.5.3)
      rack
    rake (10.3.2)
    redis (3.1.0)
    redis-namespace (1.5.1)
      redis (~> 3.0, >= 3.0.4)
    rest-client (1.6.7)
      mime-types (>= 1.16)
    rspec (2.14.1)
      rspec-core (~> 2.14.0)
      rspec-expectations (~> 2.14.0)
      rspec-mocks (~> 2.14.0)
    rspec-core (2.14.8)
    rspec-expectations (2.14.5)
      diff-lcs (>= 1.1.3, < 2.0)
    rspec-mocks (2.14.6)
    rubyzip (0.9.9)
    sidekiq (3.2.2)
      celluloid (>= 0.15.2)
      connection_pool (>= 2.0.0)
      json
      redis (>= 3.0.6)
      redis-namespace (>= 1.3.1)
    sinatra (1.4.5)
      rack (~> 1.4)
      rack-protection (~> 1.4)
      tilt (~> 1.3, >= 1.3.4)
    slop (3.6.0)
    thor (0.19.1)
    tilt (1.4.1)
    timers (1.1.0)

PLATFORMS
  ruby

DEPENDENCIES
  bundler (~> 1.5)
  foreman (~> 0.75.0)
  rake (~> 10.3.2)
  rspec (~> 2.14.1)
  sked!
